GEM
  remote: http://rubygems.org/
  specs:
    flickr (1.0.2)
      xml-simple (>= 1.0.7)
    rake (10.4.2)
    xml-simple (1.1.5)

PLATFORMS
  ruby

DEPENDENCIES
  flickr
  rake
